GEM
  remote: https://rubygems.org/
  specs:
    aws (2.10.2)
      http_connection
      uuidtools
      xml-simple
    colored (1.2)
    http_connection (1.4.4)
    logger (1.2.8)
    mime-types (3.1)
      mime-types-data (~> 3.2015)
    mime-types-data (3.2016.0521)
    simple-cloudfront-invalidator (1.1.0)
      colored (= 1.2)
    uuidtools (2.1.5)
    xml-simple (1.1.5)

PLATFORMS
  ruby

DEPENDENCIES
  aws
  logger
  mime-types
  simple-cloudfront-invalidator

BUNDLED WITH
   1.11.2
